PATH
  remote: .
  specs:
    boardeffect (0.0.1)

GEM
  remote: https://rubygems.org/
  specs:
    addressable (2.4.0)
    crack (0.4.3)
      safe_yaml (~> 1.0.0)
    hashdiff (0.3.0)
    minitest (5.8.4)
    rake (10.5.0)
    safe_yaml (1.0.4)
    webmock (1.24.1)
      addressable (>= 2.3.6)
      crack (>= 0.3.2)
      hashdiff

PLATFORMS
  ruby

DEPENDENCIES
  boardeffect!
  minitest (~> 5.0)
  rake (~> 10.4)
  webmock (~> 1.24)
